GEM
  remote: https://rubygems.org/

PLATFORMS
  ruby

DEPENDENCIES

BUNDLED WITH
   2.1.4
