GEM
  remote: https://rubygems.org/

PLATFORMS
  ruby

DEPENDENCIES
  httpclient

BUNDLED WITH
   2.1.2
